GEM
  remote: https://rubygems.org/
  specs:
    convergence (0.2.6)
      diff-lcs
      diffy
      mysql2
      slop (~> 3.6)
    diff-lcs (1.3)
    diffy (3.2.0)
    mysql2 (0.5.0)
    rake (12.3.1)
    slop (3.6.0)

PLATFORMS
  ruby

DEPENDENCIES
  convergence
  rake

BUNDLED WITH
   1.16.1
